GEM
  remote: https://rubygems.org/
  specs:
    ast (2.4.2)
    json (2.7.2)
    parallel (1.24.0)
    parser (3.3.5.0)
      ast (~> 2.4.1)
      racc
    racc (1.8.1)
    rainbow (3.1.1)
    rake (13.0.3)
    regexp_parser (2.9.2)
    rexml (3.3.7)
    rubocop (1.50.2)
      json (~> 2.3)
      parallel (~> 1.10)
      parser (>= 3.2.0.0)
      rainbow (>= 2.2.2, < 4.0)
      regexp_parser (>= 1.8, < 3.0)
      rexml (>= 3.2.5, < 4.0)
      rubocop-ast (>= 1.28.0, < 2.0)
      ruby-progressbar (~> 1.7)
      unicode-display_width (>= 2.4.0, < 3.0)
    rubocop-ast (1.30.0)
      parser (>= 3.2.1.0)
    ruby-progressbar (1.13.0)
    unicode-display_width (2.6.0)

PLATFORMS
  x86_64-darwin-19
  x86_64-linux

DEPENDENCIES
  rake
  rubocop (~> 1.0)

BUNDLED WITH
   2.4.22
